GEM
  remote: https://rubygems.org/
  specs:
    mustermann (1.1.1)
      ruby2_keywords (~> 0.0.1)
    rack (2.1.1)
    rack-protection (2.0.8.1)
      rack
    ruby2_keywords (0.0.2)
    sinatra (2.0.8.1)
      mustermann (~> 1.0)
      rack (~> 2.0)
      rack-protection (= 2.0.8.1)
      tilt (~> 2.0)
    sorbet (0.5.5238)
      sorbet-static (= 0.5.5238)
    sorbet-runtime (0.5.5238)
    sorbet-static (0.5.5238-universal-darwin-14)
    tilt (2.0.10)

PLATFORMS
  ruby

DEPENDENCIES
  sinatra
  sorbet
  sorbet-runtime

RUBY VERSION
   ruby 2.6.3p62

BUNDLED WITH
   2.1.2
