GEM
  remote: https://rubygems.org/
  specs:
    sorbet (0.5.5238)
      sorbet-static (= 0.5.5238)
    sorbet-runtime (0.5.5238)
    sorbet-static (0.5.5238-universal-darwin-14)

PLATFORMS
  ruby

DEPENDENCIES
  sorbet
  sorbet-runtime

RUBY VERSION
   ruby 2.6.3p62

BUNDLED WITH
   2.1.2
